GEM
  remote: https://rubygems.org/
  specs:
    puma (3.4.0)
    rack (2.0.6)

PLATFORMS
  ruby

DEPENDENCIES
  puma
  rack (>= 1.6.11)

BUNDLED WITH
   1.16.6
